GEM
  remote: https://rubygems.org/
  specs:
    byebug (11.1.3)
    diff-lcs (1.5.0)
    json (2.6.3)
    nokolexbor (0.5.0-x86_64-linux)
    rspec-core (3.12.2)
      rspec-support (~> 3.12.0)
    rspec-expectations (3.12.3)
      diff-lcs (>= 1.2.0, < 2.0)
      rspec-support (~> 3.12.0)
    rspec-mocks (3.12.6)
      diff-lcs (>= 1.2.0, < 2.0)
      rspec-support (~> 3.12.0)
    rspec-support (3.12.1)
    yard (0.8.7.6)
    zeitwerk (2.6.11)

PLATFORMS
  x86_64-linux

DEPENDENCIES
  byebug
  json
  nokolexbor (~> 0.5.0)
  rspec-core (~> 3.12.0)
  rspec-expectations (~> 3.12.0)
  rspec-mocks (~> 3.12.0)
  yard (~> 0.8.7.6)
  zeitwerk

BUNDLED WITH
   2.4.6
